GEM
  remote: https://rubygems.org/
  specs:
    gserver (0.0.1)

PLATFORMS
  ruby

DEPENDENCIES
  gserver

BUNDLED WITH
   1.11.2
